PATH
  remote: .
  specs:
    work_surfer (0.0.2.2)
      faraday (~> 0.9.0)
      faraday_middleware (>= 0.9, <= 0.10)

GEM
  remote: https://rubygems.org/
  specs:
    faraday (0.9.2)
      multipart-post (>= 1.2, < 3)
    faraday_middleware (0.10.0)
      faraday (>= 0.7.4, < 0.10)
    multipart-post (2.0.0)

PLATFORMS
  ruby

DEPENDENCIES
  work_surfer!

BUNDLED WITH
   1.12.5
